PATH
  remote: .
  specs:
    type-test (0.1.0)

GEM
  remote: https://rubygems.org/
  specs:
    rake (13.1.0)

PLATFORMS
  ruby
  x86_64-linux

DEPENDENCIES
  rake (~> 13.0)
  type-test!

BUNDLED WITH
   2.5.3
